GIT
  remote: https://github.com/sh-a-n/Generamba.git
  revision: 3a20a477ffb6992ff21c9d3504d91651ff2d7636
  branch: develop
  specs:
    generamba (1.4.1)
      cocoapods-core (= 1.5.3)
      git (= 1.2.9.1)
      liquid (= 4.0.0)
      terminal-table (= 1.4.5)
      thor (= 0.19.1)
      xcodeproj (= 1.6.0)

GEM
  remote: https://rubygems.org/
  specs:
    CFPropertyList (3.0.0)
    activesupport (5.2.1)
      concurrent-ruby (~> 1.0, >= 1.0.2)
      i18n (>= 0.7, < 2)
      minitest (~> 5.1)
      tzinfo (~> 1.1)
    atomos (0.1.3)
    claide (1.0.2)
    cocoapods-core (1.5.3)
      activesupport (>= 4.0.2, < 6)
      fuzzy_match (~> 2.0.4)
      nap (~> 1.0)
    colored2 (3.1.2)
    concurrent-ruby (1.0.5)
    fuzzy_match (2.0.4)
    git (1.2.9.1)
    i18n (1.1.0)
      concurrent-ruby (~> 1.0)
    liquid (4.0.0)
    minitest (5.11.3)
    nanaimo (0.2.6)
    nap (1.1.0)
    terminal-table (1.4.5)
    thor (0.19.1)
    thread_safe (0.3.6)
    tzinfo (1.2.5)
      thread_safe (~> 0.1)
    xcodeproj (1.6.0)
      CFPropertyList (>= 2.3.3, < 4.0)
      atomos (~> 0.1.3)
      claide (>= 1.0.2, < 2.0)
      colored2 (~> 3.1)
      nanaimo (~> 0.2.6)

PLATFORMS
  ruby

DEPENDENCIES
  generamba!

BUNDLED WITH
   1.16.2
